GEM
  remote: https://rubygems.org/
  specs:
    oj (3.15.0)
    ougai (2.0.0)
      oj (~> 3.10)
    rack (2.2.7)
    rack-ougai (0.3.0)
      ougai (~> 2.0)
      rack (~> 2.0)

PLATFORMS
  ruby

DEPENDENCIES
  rack (~> 2.0)
  rack-ougai (~> 0.3.0)

BUNDLED WITH
   2.1.4
